STORAGE: NONE
RESTRICTION: == netstandard2.0
NUGET
  remote: https://api.nuget.org/v3/index.json
    Fable.Core (3.1.5)
      FSharp.Core (>= 4.7)
    Fable.HtmlConverter (2.0)
      Fable.Core (>= 2.0.3)
      Thoth.Json (>= 2.5)
    Fable.Node (1.0.2)
      Fable.Core (>= 3.1.2)
      FSharp.Core (>= 4.7)
    Fable.Promise (2.1)
      Fable.Core (>= 3.1.5)
      FSharp.Core (>= 4.7)
    FSharp.Core (4.7.2)
    Thoth.Json (4.1)
      Fable.Core (>= 3.1.4)
      FSharp.Core (>= 4.7)
GIT
  remote: https://github.com/gretmn102/FParserQSP
     (1d2f5dab9ee52f8a6831ea6c429b27ccd581d0b3)
      build: build.cmd
      os: win
     (1d2f5dab9ee52f8a6831ea6c429b27ccd581d0b3)
      build: build.sh
      os: linux
     (1d2f5dab9ee52f8a6831ea6c429b27ccd581d0b3)
      build: build.sh
      os: osx
GITHUB
  remote: gretmn102/ionide-vscode-helpers
    src/Fable.Import.Showdown.fs (8bd848e00c49b9c2c8fbaca6eb84264a3ed145c3)
    src/Fable.Import.VSCode.fs (8bd848e00c49b9c2c8fbaca6eb84264a3ed145c3)
    src/Fable.Import.VSCode.LanguageServer.fs (8bd848e00c49b9c2c8fbaca6eb84264a3ed145c3)
    src/Helpers.fs (8bd848e00c49b9c2c8fbaca6eb84264a3ed145c3)